GIT
  remote: git@github.com:greghauenstein/plugin-capistrano-wpcli
  revision: c950be1fcf265067bd5106753ea7a24c07831014
  specs:
    capistrano-wpcli (0.1.9)
      capistrano (~> 3.6)
      sshkit (~> 1.11)

GEM
  remote: https://rubygems.org/
  specs:
    airbrussh (1.4.0)
      sshkit (>= 1.6.1, != 1.7.0)
    bcrypt_pbkdf (1.1.0)
    capistrano (3.13.0)
      airbrussh (>= 1.0.0)
      i18n
      rake (>= 10.0.0)
      sshkit (>= 1.9.0)
    capistrano-composer (0.0.6)
      capistrano (>= 3.0.0.pre)
    capistrano-upload-config (0.8.2)
      capistrano (>= 3.0)
    concurrent-ruby (1.1.10)
    dotenv (2.5.0)
    ed25519 (1.3.0)
    highline (2.0.3)
    i18n (1.10.0)
      concurrent-ruby (~> 1.0)
    net-scp (3.0.0)
      net-ssh (>= 2.6.5, < 7.0.0)
    net-ssh (6.1.0)
    rake (13.0.6)
    sshkit (1.21.2)
      net-scp (>= 1.1.2)
      net-ssh (>= 2.8.0)

PLATFORMS
  universal-darwin-21
  x86_64-darwin-19

DEPENDENCIES
  bcrypt_pbkdf (>= 1.0, < 2.0)
  capistrano (~> 3.13.0)
  capistrano-composer (~> 0.0.6)
  capistrano-upload-config (~> 0.8.2)
  capistrano-wpcli!
  dotenv (~> 2.5.0)
  ed25519 (>= 1.2, < 2.0)
  highline

BUNDLED WITH
   2.3.18
